GIT
  remote: https://github.com/lemtzas/redd.git
  revision: 36db4e598cd88208a2b3280afe034ef808436179
  specs:
    redd (0.7.5)
      faraday (~> 0.9.1)
      fastimage (~> 1.6.6)
      hashie (~> 3.4.0)
      multi_json (~> 1.10.1)

GEM
  remote: http://rubygems.org/
  specs:
    addressable (2.4.0)
    andand (1.3.3)
    chartkick (1.4.1)
    coderay (1.1.0)
    descriptive_statistics (2.5.1)
    faraday (0.9.2)
      multipart-post (>= 1.2, < 3)
    fastimage (1.6.8)
      addressable (~> 2.3, >= 2.3.5)
    haml (4.0.7)
      tilt
    hashie (3.4.3)
    htmlentities (4.3.4)
    method_source (0.8.2)
    multi_json (1.10.1)
    multipart-post (2.0.0)
    pry (0.10.3)
      coderay (~> 1.1.0)
      method_source (~> 0.8.1)
      slop (~> 3.4)
    redcarpet (3.3.4)
    slop (3.6.0)
    tilt (2.0.2)

PLATFORMS
  ruby

DEPENDENCIES
  andand
  chartkick
  descriptive_statistics
  haml
  htmlentities
  pry
  redcarpet
  redd!

BUNDLED WITH
   1.11.2
